GEM
  remote: https://rubygems.org/
  specs:
    bubble-wrap (1.1.5)
    formotion (1.3)
      bubble-wrap (>= 1.1.4)

PLATFORMS
  ruby

DEPENDENCIES
  bubble-wrap
  formotion
